GEM
  remote: http://rubygems.org/
  specs:
    actionmailer (2.3.10)
      actionpack (= 2.3.10)
    actionpack (2.3.10)
      activesupport (= 2.3.10)
      rack (~> 1.1.0)
    activerecord (2.3.10)
      activesupport (= 2.3.10)
    activeresource (2.3.10)
      activesupport (= 2.3.10)
    activesupport (2.3.10)
    c2dm (0.1.6)
      httparty (> 0.6.0)
    c2dm_on_rails (0.1.8)
    configatron (2.8.3)
      yamler (>= 0.1.0)
    gdata (1.1.2)
    httparty (0.8.1)
      multi_json
      multi_xml
    multi_json (1.0.3)
    multi_xml (0.4.1)
    rack (1.1.2)
    rails (2.3.10)
      actionmailer (= 2.3.10)
      actionpack (= 2.3.10)
      activerecord (= 2.3.10)
      activeresource (= 2.3.10)
      activesupport (= 2.3.10)
      rake (>= 0.8.3)
    rake (0.9.2)
    sqlite3 (1.3.4)
    sqlite3-ruby (1.3.3)
      sqlite3 (>= 1.3.3)
    yamler (0.1.0)

PLATFORMS
  ruby

DEPENDENCIES
  c2dm
  c2dm_on_rails
  configatron
  gdata
  rails (= 2.3.10)
  sqlite3-ruby
